GEM
  specs:
    connection_pool (2.2.5)
    rack (2.2.3)
    redis (4.4.0)
    sidekiq (6.2.1)
      connection_pool (>= 2.2.2)
      rack (~> 2.0)
      redis (>= 4.2.0)

PLATFORMS
  x86_64-darwin-19

DEPENDENCIES
  redis (~> 4.4)
  sidekiq

BUNDLED WITH
   2.2.25
